GEM
  remote: https://rubygems.org/
  specs:
    activesupport (7.0.3)
      concurrent-ruby (~> 1.0, >= 1.0.2)
      i18n (>= 1.6, < 2)
      minitest (>= 5.1)
      tzinfo (~> 2.0)
    axiom-types (0.1.1)
      descendants_tracker (~> 0.0.4)
      ice_nine (~> 0.11.0)
      thread_safe (~> 0.3, >= 0.3.1)
    coderay (1.1.3)
    coercible (1.0.0)
      descendants_tracker (~> 0.0.1)
    concurrent-ruby (1.1.10)
    date (3.2.2)
    descendants_tracker (0.0.4)
      thread_safe (~> 0.3, >= 0.3.1)
    dotenv (2.7.6)
    dry-inflector (0.2.1)
    faraday (1.10.0)
      faraday-em_http (~> 1.0)
      faraday-em_synchrony (~> 1.0)
      faraday-excon (~> 1.1)
      faraday-httpclient (~> 1.0)
      faraday-multipart (~> 1.0)
      faraday-net_http (~> 1.0)
      faraday-net_http_persistent (~> 1.0)
      faraday-patron (~> 1.0)
      faraday-rack (~> 1.0)
      faraday-retry (~> 1.0)
      ruby2_keywords (>= 0.0.4)
    faraday-em_http (1.0.0)
    faraday-em_synchrony (1.0.0)
    faraday-excon (1.1.0)
    faraday-httpclient (1.0.1)
    faraday-multipart (1.0.4)
      multipart-post (~> 2)
    faraday-net_http (1.0.1)
    faraday-net_http_persistent (1.2.0)
    faraday-patron (1.0.0)
    faraday-rack (1.0.0)
    faraday-retry (1.0.3)
    hashie (5.0.0)
    i18n (1.10.0)
      concurrent-ruby (~> 1.0)
    ice_nine (0.11.2)
    json (2.6.2)
    logger (1.5.1)
    method_source (1.0.0)
    minitest (5.16.1)
    multipart-post (2.2.3)
    net-http (0.2.2)
      uri
    pg (1.4.1)
    pry (0.14.1)
      coderay (~> 1.1)
      method_source (~> 1.0)
    ruby2_keywords (0.0.5)
    sequel (5.57.0)
    telegram-bot-ruby (0.19.2)
      dry-inflector
      faraday (~> 1.0)
      virtus (~> 2.0)
    thread_safe (0.3.6)
    time (0.2.0)
      date
    tzinfo (2.0.4)
      concurrent-ruby (~> 1.0)
    uri (0.11.0)
    virtus (2.0.0)
      axiom-types (~> 0.1)
      coercible (~> 1.0)
      descendants_tracker (~> 0.0, >= 0.0.3)
    yaml (0.2.0)

PLATFORMS
  ruby

DEPENDENCIES
  activesupport
  dotenv
  hashie
  json
  logger
  net-http
  pg
  pry
  sequel
  telegram-bot-ruby
  time
  yaml

RUBY VERSION
   ruby 2.7.3p183

BUNDLED WITH
   2.2.19
